GEM
  remote: http://rubygems.org/
  specs:
    mysql (2.8.1)
    terminal-table (1.4.2)
    trollop (1.16.2)

PLATFORMS
  ruby

DEPENDENCIES
  mysql
  terminal-table
  trollop
