GEM
  remote: http://rubygems.org/
  specs:
    terminal-table (1.4.2)
    trollop (1.16.2)

PLATFORMS
  ruby

DEPENDENCIES
  terminal-table
  trollop
